PATH
  remote: .
  specs:
    tcr_revived (0.3.1)

GEM
  remote: https://rubygems.org/
  specs:
    ast (2.4.2)
    backport (1.2.0)
    benchmark (0.2.0)
    builder (3.2.4)
    bundler-audit (0.9.1)
      bundler (>= 1.2.0, < 3)
      thor (~> 1.0)
    debug (1.6.2)
      irb (>= 1.3.6)
      reline (>= 0.3.1)
    diff-lcs (1.5.0)
    digest (3.1.0)
    e2mmap (0.1.0)
    faraday (2.6.0)
      faraday-net_http (>= 2.0, < 3.1)
      ruby2_keywords (>= 0.0.4)
    faraday-net_http (3.0.1)
    geminabox (2.1.0)
      builder
      faraday (> 1.0, < 3.0)
      httpclient (>= 2.2.7)
      nesty
      reentrant_flock
      sinatra (~> 2.0)
    httpclient (2.8.3)
    io-console (0.5.11)
    irb (1.4.2)
      reline (>= 0.3.0)
    jaro_winkler (1.5.4)
    json (2.6.2)
    kramdown (2.4.0)
      rexml
    kramdown-parser-gfm (1.1.0)
      kramdown (~> 2.0)
    mail (2.7.1)
      mini_mime (>= 0.1.1)
    mime-types (2.99.3)
    mini_mime (1.1.2)
    mustermann (2.0.2)
      ruby2_keywords (~> 0.0.1)
    nesty (1.0.2)
    net-imap (0.2.3)
      digest
      net-protocol
      strscan
    net-ldap (0.17.1)
    net-pop (0.1.1)
      digest
      net-protocol
      timeout
    net-protocol (0.1.3)
      timeout
    net-smtp (0.3.1)
      digest
      net-protocol
      timeout
    nokogiri (1.13.8-arm64-darwin)
      racc (~> 1.4)
    parallel (1.22.1)
    parser (3.1.2.1)
      ast (~> 2.4.1)
    racc (1.6.0)
    rack (2.2.4)
    rack-protection (2.2.2)
      rack
    rainbow (3.1.1)
    rake (13.0.6)
    reentrant_flock (0.1.1)
    regexp_parser (2.6.0)
    reline (0.3.1)
      io-console (~> 0.5)
    reverse_markdown (2.1.1)
      nokogiri
    rexml (3.2.5)
    rspec (3.11.0)
      rspec-core (~> 3.11.0)
      rspec-expectations (~> 3.11.0)
      rspec-mocks (~> 3.11.0)
    rspec-core (3.11.0)
      rspec-support (~> 3.11.0)
    rspec-expectations (3.11.1)
      diff-lcs (>= 1.2.0, < 2.0)
      rspec-support (~> 3.11.0)
    rspec-mocks (3.11.1)
      diff-lcs (>= 1.2.0, < 2.0)
      rspec-support (~> 3.11.0)
    rspec-support (3.11.1)
    rubocop (1.36.0)
      json (~> 2.3)
      parallel (~> 1.10)
      parser (>= 3.1.2.1)
      rainbow (>= 2.2.2, < 4.0)
      regexp_parser (>= 1.8, < 3.0)
      rexml (>= 3.2.5, < 4.0)
      rubocop-ast (>= 1.20.1, < 2.0)
      ruby-progressbar (~> 1.7)
      unicode-display_width (>= 1.4.0, < 3.0)
    rubocop-ast (1.21.0)
      parser (>= 3.1.1.0)
    rubocop-espago (1.0.0)
      rubocop
    ruby-progressbar (1.11.0)
    ruby2_keywords (0.0.5)
    sinatra (2.2.2)
      mustermann (~> 2.0)
      rack (~> 2.2)
      rack-protection (= 2.2.2)
      tilt (~> 2.0)
    solargraph (0.47.2)
      backport (~> 1.2)
      benchmark
      bundler (>= 1.17.2)
      diff-lcs (~> 1.4)
      e2mmap
      jaro_winkler (~> 1.5)
      kramdown (~> 2.3)
      kramdown-parser-gfm (~> 1.1)
      parser (~> 3.0)
      reverse_markdown (>= 1.0.5, < 3)
      rubocop (>= 0.52)
      thor (~> 1.0)
      tilt (~> 2.0)
      yard (~> 0.9, >= 0.9.24)
    strscan (3.0.4)
    thor (1.2.1)
    tilt (2.0.11)
    timeout (0.3.0)
    unicode-display_width (2.3.0)
    webrick (1.7.0)
    yard (0.9.28)
      webrick (~> 1.7.0)

PLATFORMS
  arm64-darwin-20

DEPENDENCIES
  bundler-audit
  debug
  geminabox
  mail
  mime-types (~> 2.0)
  net-imap
  net-ldap
  net-pop
  net-smtp
  rake
  rspec
  rubocop-espago
  solargraph
  tcr_revived!

BUNDLED WITH
   2.3.13
